GEM
  remote: https://rubygems.org/
  specs:
    addressable (2.5.2)
      public_suffix (>= 2.0.2, < 4.0)
    axiom-types (0.1.1)
      descendants_tracker (~> 0.0.4)
      ice_nine (~> 0.11.0)
      thread_safe (~> 0.3, >= 0.3.1)
    bson (4.3.0)
    coderay (1.1.2)
    coercible (1.0.0)
      descendants_tracker (~> 0.0.1)
    concurrent-ruby (1.0.5)
    descendants_tracker (0.0.4)
      thread_safe (~> 0.3, >= 0.3.1)
    equalizer (0.0.11)
    et-orbi (1.1.0)
      tzinfo
    faraday (0.15.0)
      multipart-post (>= 1.2, < 3)
    forecast_io (2.0.2)
      faraday
      hashie
      multi_json
    hashie (3.5.7)
    httparty (0.16.2)
      multi_xml (>= 0.5.2)
    i18n (1.0.1)
      concurrent-ruby (~> 1.0)
    ice_nine (0.11.2)
    inflecto (0.0.2)
    launchy (2.4.3)
      addressable (~> 2.3)
    method_source (0.9.0)
    mini_portile2 (2.3.0)
    mongo (2.5.1)
      bson (>= 4.3.0, < 5.0.0)
    multi_json (1.13.1)
    multi_xml (0.6.0)
    multipart-post (2.0.0)
    nokogiri (1.8.2)
      mini_portile2 (~> 2.3.0)
    openssl (2.1.0)
    pry (0.11.3)
      coderay (~> 1.1.0)
      method_source (~> 0.9.0)
    public_suffix (3.0.2)
    redis (4.0.1)
    rufus-scheduler (3.4.2)
      et-orbi (~> 1.0)
    telegram-bot-ruby (0.8.6.1)
      faraday
      inflecto
      virtus
    thread_safe (0.3.6)
    tzinfo (1.2.5)
      thread_safe (~> 0.1)
    virtus (1.0.5)
      axiom-types (~> 0.1)
      coercible (~> 1.0)
      descendants_tracker (~> 0.0, >= 0.0.3)
      equalizer (~> 0.0, >= 0.0.9)

PLATFORMS
  ruby

DEPENDENCIES
  forecast_io
  httparty
  i18n
  launchy
  mongo (~> 2.4)
  nokogiri
  openssl
  pry
  redis
  rufus-scheduler
  telegram-bot-ruby

RUBY VERSION
   ruby 2.4.3p205

BUNDLED WITH
   1.16.1
